GEM
  remote: https://rubygems.org/
  specs:
    webrick (1.8.1)

PLATFORMS
  universal-darwin-22
  x86_64-darwin-21
  x86_64-linux

DEPENDENCIES
  webrick (~> 1.7)

BUNDLED WITH
   2.3.9
